GEM
  remote: http://rubygems.org/
  specs:
    rake (11.1.2)
    rrsimple-rss (1.3.10)

PLATFORMS
  ruby

DEPENDENCIES
  rake (~> 11.1, >= 11.1.2)
  rrsimple-rss (~> 1.3, >= 1.3.10)

BUNDLED WITH
   1.11.2
